PATH
  remote: .
  specs:
    canvas_color (0.0.1)

GEM
  remote: https://rubygems.org/
  specs:
    rake (13.3.0)

PLATFORMS
  x86_64-linux-gnu

DEPENDENCIES
  canvas_color!
  rake

RUBY VERSION
   ruby 3.4.1p0

BUNDLED WITH
   2.6.7
